GIT
  remote: git://github.com/maletor/oauth2.git
  revision: 168434c43edd5d2d87dfab262a53f7218b9dd4f8
  branch: authorization_header
  specs:
    oauth2 (1.0.0)
      faraday (>= 0.8, < 0.10)
      jwt (~> 1.0)
      multi_json (~> 1.3)
      multi_xml (~> 0.5)
      rack (~> 1.2)

PATH
  remote: .
  specs:
    omniauth-bancsabadell (0.1.0)
      omniauth-oauth2 (~> 1.2)

GEM
  remote: https://rubygems.org/
  specs:
    faraday (0.9.0)
      multipart-post (>= 1.2, < 3)
    hashie (3.3.1)
    jwt (1.5.1)
    multi_json (1.10.1)
    multi_xml (0.5.5)
    multipart-post (2.0.0)
    omniauth (1.2.2)
      hashie (>= 1.2, < 4)
      rack (~> 1.0)
    omniauth-oauth2 (1.2.0)
      faraday (>= 0.8, < 0.10)
      multi_json (~> 1.3)
      oauth2 (~> 1.0)
      omniauth (~> 1.2)
    rack (1.5.2)

PLATFORMS
  ruby

DEPENDENCIES
  oauth2!
  omniauth-bancsabadell!

BUNDLED WITH
   1.10.6
